GEM
  remote: https://rubygems.org/
  specs:
    activesupport (4.2.8)
      i18n (~> 0.7)
      minitest (~> 5.1)
      thread_safe (~> 0.3, >= 0.3.4)
      tzinfo (~> 1.1)
    ffi (1.11.1)
    i18n (0.8.6)
    jwt (1.5.6)
    minitest (5.10.3)
    rbnacl (3.4.0)
      ffi
    thread_safe (0.3.6)
    tzinfo (1.2.10)
      thread_safe (~> 0.1)

PLATFORMS
  ruby

DEPENDENCIES
  activesupport
  jwt
  rbnacl

BUNDLED WITH
   1.15.3
