GEM
  remote: https://rubygems.org/
  specs:
    activesupport (6.1.7.1)
      concurrent-ruby (~> 1.0, >= 1.0.2)
      i18n (>= 1.6, < 2)
      minitest (>= 5.1)
      tzinfo (~> 2.0)
      zeitwerk (~> 2.3)
    concurrent-ruby (1.1.10)
    ffi (1.11.1)
    i18n (1.12.0)
      concurrent-ruby (~> 1.0)
    jwt (1.5.6)
    minitest (5.17.0)
    rbnacl (3.4.0)
      ffi
    tzinfo (2.0.5)
      concurrent-ruby (~> 1.0)
    zeitwerk (2.6.6)

PLATFORMS
  ruby

DEPENDENCIES
  activesupport
  jwt
  rbnacl

BUNDLED WITH
   1.15.3
